GEM
  remote: https://rubygems.org/
  specs:
    aws-eventstream (1.1.0)
    aws-partitions (1.395.0)
    aws-sdk-core (3.109.3)
      aws-eventstream (~> 1, >= 1.0.2)
      aws-partitions (~> 1, >= 1.239.0)
      aws-sigv4 (~> 1.1)
      jmespath (~> 1.0)
    aws-sdk-kms (1.39.0)
      aws-sdk-core (~> 3, >= 3.109.0)
      aws-sigv4 (~> 1.1)
    aws-sdk-s3 (1.84.1)
      aws-sdk-core (~> 3, >= 3.109.0)
      aws-sdk-kms (~> 1)
      aws-sigv4 (~> 1.1)
    aws-sigv4 (1.2.2)
      aws-eventstream (~> 1, >= 1.0.2)
    concurrent-ruby (1.1.7)
    diff-lcs (1.4.4)
    i18n (1.8.5)
      concurrent-ruby (~> 1.0)
    interactor (3.1.2)
    jmespath (1.4.0)
    metaractor (3.0.1)
      i18n (~> 1.8)
      interactor (~> 3.1)
      sycamore (~> 0.3)
    rspec (3.10.0)
      rspec-core (~> 3.10.0)
      rspec-expectations (~> 3.10.0)
      rspec-mocks (~> 3.10.0)
    rspec-core (3.10.0)
      rspec-support (~> 3.10.0)
    rspec-expectations (3.10.0)
      diff-lcs (>= 1.2.0, < 2.0)
      rspec-support (~> 3.10.0)
    rspec-mocks (3.10.0)
      diff-lcs (>= 1.2.0, < 2.0)
      rspec-support (~> 3.10.0)
    rspec-support (3.10.0)
    sycamore (0.3.1)

PLATFORMS
  ruby

DEPENDENCIES
  aws-sdk-s3
  metaractor
  rspec

BUNDLED WITH
   2.1.4
